GEM
  remote: https://rubygems.org/
  specs:
    CFPropertyList (2.3.6)
    actioncable (7.2.0)
      actionpack (= 7.2.0)
      activesupport (= 7.2.0)
      nio4r (~> 2.0)
      websocket-driver (>= 0.6.1)
      zeitwerk (~> 2.6)
    actionmailbox (7.2.0)
      actionpack (= 7.2.0)
      activejob (= 7.2.0)
      activerecord (= 7.2.0)
      activestorage (= 7.2.0)
      activesupport (= 7.2.0)
      mail (>= 2.8.0)
    actionmailer (7.2.0)
      actionpack (= 7.2.0)
      actionview (= 7.2.0)
      activejob (= 7.2.0)
      activesupport (= 7.2.0)
      mail (>= 2.8.0)
      rails-dom-testing (~> 2.2)
    actionpack (7.2.0)
      actionview (= 7.2.0)
      activesupport (= 7.2.0)
      nokogiri (>= 1.8.5)
      racc
      rack (>= 2.2.4, < 3.2)
      rack-session (>= 1.0.1)
      rack-test (>= 0.6.3)
      rails-dom-testing (~> 2.2)
      rails-html-sanitizer (~> 1.6)
      useragent (~> 0.16)
    actiontext (7.2.0)
      actionpack (= 7.2.0)
      activerecord (= 7.2.0)
      activestorage (= 7.2.0)
      activesupport (= 7.2.0)
      globalid (>= 0.6.0)
      nokogiri (>= 1.8.5)
    actionview (7.2.0)
      activesupport (= 7.2.0)
      builder (~> 3.1)
      erubi (~> 1.11)
      rails-dom-testing (~> 2.2)
      rails-html-sanitizer (~> 1.6)
    activejob (7.2.0)
      activesupport (= 7.2.0)
      globalid (>= 0.3.6)
    activemodel (7.2.0)
      activesupport (= 7.2.0)
    activerecord (7.2.0)
      activemodel (= 7.2.0)
      activesupport (= 7.2.0)
      timeout (>= 0.4.0)
    activestorage (7.2.0)
      actionpack (= 7.2.0)
      activejob (= 7.2.0)
      activerecord (= 7.2.0)
      activesupport (= 7.2.0)
      marcel (~> 1.0)
    activesupport (7.2.0)
      base64
      bigdecimal
      concurrent-ruby (~> 1.0, >= 1.3.1)
      connection_pool (>= 2.2.5)
      drb
      i18n (>= 1.6, < 2)
      logger (>= 1.4.2)
      minitest (>= 5.1)
      securerandom (>= 0.3)
      tzinfo (~> 2.0, >= 2.0.5)
    addressable (2.8.1)
      public_suffix (>= 2.0.2, < 6.0)
    ast (2.4.2)
    autoprefixer-rails (10.4.7.0)
      execjs (~> 2)
    base64 (0.2.0)
    bcrypt (3.1.18)
    bigdecimal (3.1.8)
    bindex (0.8.1)
    bootstrap (5.2.3)
      autoprefixer-rails (>= 9.1.0)
      popper_js (>= 2.11.6, < 3)
      sassc-rails (>= 2.0.0)
    bootstrap-icons (1.0.12)
      nokogiri (~> 1)
    bootstrap-icons-helper (2.0.1)
      bootstrap-icons (~> 1)
      rails (>= 6)
    breadcrumbs_on_rails (4.1.0)
      railties (>= 5.0)
    builder (3.3.0)
    byebug (11.1.3)
    cancancan (3.4.0)
    capybara (3.38.0)
      addressable
      matrix
      mini_mime (>= 0.1.3)
      nokogiri (~> 1.8)
      rack (>= 1.6.0)
      rack-test (>= 0.6.3)
      regexp_parser (>= 1.5, < 3.0)
      xpath (~> 3.2)
    concurrent-ruby (1.3.3)
    connection_pool (2.3.0)
    crass (1.0.6)
    dartsass-rails (0.4.0)
      railties (>= 6.0.0)
    date (3.3.4)
    deep_merge (1.2.2)
    docile (1.4.0)
    drb (2.2.1)
    erubi (1.13.0)
    execjs (2.8.1)
    facter (4.2.14)
      hocon (~> 1.3)
      thor (>= 1.0.1, < 2.0)
    factory_bot (6.2.1)
      activesupport (>= 5.0.0)
    factory_bot_rails (6.2.0)
      factory_bot (~> 6.2.0)
      railties (>= 5.0.0)
    faker (3.0.0)
      i18n (>= 1.8.11, < 2)
    fast_gettext (2.2.0)
    ffi (1.15.5)
    friendly_id (5.5.0)
      activerecord (>= 4.0.0)
    git (1.12.0)
      addressable (~> 2.8)
      rchardet (~> 1.8)
    gitable (0.4.0)
      addressable (~> 2.2, >= 2.2.7)
    globalid (1.2.1)
      activesupport (>= 6.1)
    hiera (3.11.0)
    hiera-eyaml (3.3.0)
      highline
      optimist
    highline (2.0.3)
    hocon (1.3.1)
    httparty (0.20.0)
      mime-types (~> 3.0)
      multi_xml (>= 0.5.2)
    i18n (1.14.5)
      concurrent-ruby (~> 1.0)
    importmap-rails (1.1.5)
      actionpack (>= 6.0.0)
      railties (>= 6.0.0)
    io-console (0.7.2)
    irb (1.14.0)
      rdoc (>= 4.0.0)
      reline (>= 0.4.2)
    jquery-rails (4.5.1)
      rails-dom-testing (>= 1, < 3)
      railties (>= 4.2.0)
      thor (>= 0.14, < 2.0)
    json (2.6.3)
    libv8-node (16.10.0.0)
    libv8-node (16.10.0.0-x86_64-darwin)
    libv8-node (16.10.0.0-x86_64-linux)
    listen (3.7.1)
      rb-fsevent (~> 0.10, >= 0.10.3)
      rb-inotify (~> 0.9, >= 0.9.10)
    locale (2.1.3)
    logger (1.6.0)
    loofah (2.22.0)
      crass (~> 1.0.2)
      nokogiri (>= 1.12.0)
    mail (2.8.1)
      mini_mime (>= 0.1.1)
      net-imap
      net-pop
      net-smtp
    marcel (1.0.4)
    matrix (0.4.2)
    mime-types (3.4.1)
      mime-types-data (~> 3.2015)
    mime-types-data (3.2022.0105)
    mini_mime (1.1.5)
    mini_portile2 (2.8.7)
    mini_racer (0.6.3)
      libv8-node (~> 16.10.0.0)
    minitest (5.24.1)
    multi_json (1.15.0)
    multi_xml (0.6.0)
    net-imap (0.4.14)
      date
      net-protocol
    net-ldap (0.17.1)
    net-pop (0.1.2)
      net-protocol
    net-protocol (0.2.2)
      timeout
    net-smtp (0.5.0)
      net-protocol
    nio4r (2.7.3)
    nokogiri (1.16.7)
      mini_portile2 (~> 2.8.2)
      racc (~> 1.4)
    nokogiri (1.16.7-x86_64-darwin)
      racc (~> 1.4)
    nokogiri (1.16.7-x86_64-linux)
      racc (~> 1.4)
    optimist (3.0.1)
    parallel (1.22.1)
    parser (3.1.3.0)
      ast (~> 2.4.1)
    popper_js (2.11.6)
    psych (5.1.2)
      stringio
    public_suffix (5.0.1)
    puma (6.0.0)
      nio4r (~> 2.0)
    puppet (7.21.0)
      concurrent-ruby (~> 1.0)
      deep_merge (~> 1.0)
      facter (> 2.0.1, < 5)
      fast_gettext (>= 1.1, < 3)
      hiera (>= 3.2.1, < 4)
      locale (~> 2.1)
      multi_json (~> 1.10)
      puppet-resource_api (~> 1.5)
      scanf (~> 1.0)
      semantic_puppet (~> 1.0)
    puppet (7.21.0-universal-darwin)
      CFPropertyList (~> 2.2)
      concurrent-ruby (~> 1.0)
      deep_merge (~> 1.0)
      facter (> 2.0.1, < 5)
      fast_gettext (>= 1.1, < 3)
      hiera (>= 3.2.1, < 4)
      locale (~> 2.1)
      multi_json (~> 1.10)
      puppet-resource_api (~> 1.5)
      scanf (~> 1.0)
      semantic_puppet (~> 1.0)
    puppet-resource_api (1.8.14)
      hocon (>= 1.0)
    puppetdb-ruby (1.2.0)
      httparty
    racc (1.8.1)
    rack (2.2.9)
    rack-session (1.0.2)
      rack (< 3)
    rack-test (2.1.0)
      rack (>= 1.3)
    rackup (1.0.0)
      rack (< 3)
      webrick
    rails (7.2.0)
      actioncable (= 7.2.0)
      actionmailbox (= 7.2.0)
      actionmailer (= 7.2.0)
      actionpack (= 7.2.0)
      actiontext (= 7.2.0)
      actionview (= 7.2.0)
      activejob (= 7.2.0)
      activemodel (= 7.2.0)
      activerecord (= 7.2.0)
      activestorage (= 7.2.0)
      activesupport (= 7.2.0)
      bundler (>= 1.15.0)
      railties (= 7.2.0)
    rails-dom-testing (2.2.0)
      activesupport (>= 5.0.0)
      minitest
      nokogiri (>= 1.6)
    rails-html-sanitizer (1.6.0)
      loofah (~> 2.21)
      nokogiri (~> 1.14)
    railties (7.2.0)
      actionpack (= 7.2.0)
      activesupport (= 7.2.0)
      irb (~> 1.13)
      rackup (>= 1.0.0)
      rake (>= 12.2)
      thor (~> 1.0, >= 1.2.2)
      zeitwerk (~> 2.6)
    rainbow (3.1.1)
    rake (13.2.1)
    rb-fsevent (0.11.2)
    rb-inotify (0.10.1)
      ffi (~> 1.0)
    rchardet (1.8.0)
    rdoc (6.7.0)
      psych (>= 4.0.0)
    redis (5.0.5)
      redis-client (>= 0.9.0)
    redis-client (0.11.2)
      connection_pool
    regexp_parser (2.6.1)
    reline (0.5.9)
      io-console (~> 0.5)
    rexml (3.2.5)
    rubocop (1.40.0)
      json (~> 2.3)
      parallel (~> 1.10)
      parser (>= 3.1.2.1)
      rainbow (>= 2.2.2, < 4.0)
      regexp_parser (>= 1.8, < 3.0)
      rexml (>= 3.2.5, < 4.0)
      rubocop-ast (>= 1.23.0, < 2.0)
      ruby-progressbar (~> 1.7)
      unicode-display_width (>= 1.4.0, < 3.0)
    rubocop-ast (1.24.0)
      parser (>= 3.1.1.0)
    rubocop-rails (2.17.3)
      activesupport (>= 4.2.0)
      rack (>= 1.1)
      rubocop (>= 1.33.0, < 2.0)
    rubocop-rake (0.6.0)
      rubocop (~> 1.0)
    ruby-progressbar (1.11.0)
    rubyzip (2.3.2)
    sassc (2.4.0)
      ffi (~> 1.9)
    sassc-rails (2.1.2)
      railties (>= 4.0.0)
      sassc (>= 2.0)
      sprockets (> 3.0)
      sprockets-rails
      tilt
    scanf (1.0.0)
    securerandom (0.3.1)
    selenium-webdriver (4.7.1)
      rexml (~> 3.2, >= 3.2.5)
      rubyzip (>= 1.2.2, < 3.0)
      websocket (~> 1.0)
    semantic_puppet (1.0.4)
    simplecov (0.21.2)
      docile (~> 1.1)
      simplecov-html (~> 0.11)
      simplecov_json_formatter (~> 0.1)
    simplecov-html (0.12.3)
    simplecov_json_formatter (0.1.4)
    sprockets (4.1.1)
      concurrent-ruby (~> 1.0)
      rack (> 1, < 3)
    sprockets-rails (3.4.2)
      actionpack (>= 5.2)
      activesupport (>= 5.2)
      sprockets (>= 3.0.0)
    sqlite3 (1.5.4)
      mini_portile2 (~> 2.8.0)
    sqlite3 (1.5.4-x86_64-darwin)
    sqlite3 (1.5.4-x86_64-linux)
    stimulus-rails (1.2.1)
      railties (>= 6.0.0)
    stringio (3.1.1)
    thor (1.3.1)
    tilt (2.0.11)
    timeout (0.4.1)
    turbo-rails (1.3.2)
      actionpack (>= 6.0.0)
      activejob (>= 6.0.0)
      railties (>= 6.0.0)
    tzinfo (2.0.6)
      concurrent-ruby (~> 1.0)
    unicode-display_width (2.3.0)
    useragent (0.16.10)
    web-console (4.2.0)
      actionview (>= 6.0.0)
      activemodel (>= 6.0.0)
      bindex (>= 0.4.0)
      railties (>= 6.0.0)
    webdrivers (5.2.0)
      nokogiri (~> 1.6)
      rubyzip (>= 1.3.0)
      selenium-webdriver (~> 4.0)
    webrick (1.8.1)
    websocket (1.2.9)
    websocket-driver (0.7.6)
      websocket-extensions (>= 0.1.0)
    websocket-extensions (0.1.5)
    xpath (3.2.0)
      nokogiri (~> 1.8)
    zeitwerk (2.6.17)

PLATFORMS
  ruby
  x86_64-darwin-21
  x86_64-linux

DEPENDENCIES
  bcrypt (~> 3.1.7)
  bootstrap (~> 5.2.0)
  bootstrap-icons-helper
  breadcrumbs_on_rails
  byebug
  cancancan
  capybara (>= 2.15)
  dartsass-rails
  factory_bot_rails
  faker
  friendly_id (~> 5.5.0)
  git
  gitable
  hiera-eyaml
  importmap-rails
  jquery-rails
  listen (~> 3.2)
  mini_racer
  net-ldap
  puma (~> 6.0)
  puppet
  puppetdb-ruby
  rails (~> 7.2.0)
  redis (~> 5.0)
  rubocop
  rubocop-rails
  rubocop-rake
  selenium-webdriver
  simplecov
  sprockets-rails
  sqlite3 (~> 1.4)
  stimulus-rails
  turbo-rails
  tzinfo-data
  web-console (>= 3.3.0)
  webdrivers

RUBY VERSION
   ruby 3.1.3p185

BUNDLED WITH
   2.3.11
